PATH
  remote: .
  specs:
    sched (0.1.8)
      curb (~> 0.9.3)

GEM
  remote: https://rubygems.org/
  specs:
    curb (0.9.3)
    rake (10.4.2)

PLATFORMS
  ruby

DEPENDENCIES
  rake
  sched!
