PATH
  remote: .
  specs:
    sched (0.1.5)
      curb
      fastercsv

GEM
  remote: https://rubygems.org/
  specs:
    curb (0.8.6)
    fastercsv (1.5.5)
    rake (10.4.2)

PLATFORMS
  ruby

DEPENDENCIES
  rake
  sched!
