PATH
  remote: .
  specs:
    sched (0.1.13)
      curb (~> 0.9.3)

GEM
  remote: https://rubygems.org/
  specs:
    curb (0.9.10)
    rake (13.0.1)

PLATFORMS
  ruby

DEPENDENCIES
  rake
  sched!

BUNDLED WITH
   2.1.4
