PATH
  remote: .
  specs:
    sched (0.1.14)
      curb

GEM
  remote: https://rubygems.org/
  specs:
    curb (1.0.5)
    rake (13.2.1)

PLATFORMS
  ruby

DEPENDENCIES
  rake
  sched!

BUNDLED WITH
   2.5.13
