PATH
  remote: .
  specs:
    sched (0.1.13)
      curb (~> 0.9.3)

GEM
  remote: https://rubygems.org/
  specs:
    curb (0.9.4)
    rake (12.3.0)

PLATFORMS
  ruby

DEPENDENCIES
  rake
  sched!

BUNDLED WITH
   1.16.1
